GEM
  remote: https://rubygems.org/
  specs:
    chronic (0.9.1)
    diff-lcs (1.1.3)
    grit (2.5.0)
      diff-lcs (~> 1.1)
      mime-types (~> 1.15)
      posix-spawn (~> 0.3.6)
    mime-types (1.19)
    posix-spawn (0.3.6)
    trollop (2.0)

PLATFORMS
  ruby

DEPENDENCIES
  chronic
  grit
  trollop
